PATH
  remote: .
  specs:
    fafuse (0.0.1)
      nokogiri (~> 1.7, >= 1.7.2)
      rest-client (~> 2.0, >= 2.0.2)
      rfuse (~> 1.1, >= 1.1.2)

GEM
  remote: https://rubygems.org/
  specs:
    byebug (9.0.6)
    domain_name (0.5.20170404)
      unf (>= 0.0.5, < 1.0.0)
    http-cookie (1.0.3)
      domain_name (~> 0.5)
    mime-types (3.1)
      mime-types-data (~> 3.2015)
    mime-types-data (3.2016.0521)
    mini_portile2 (2.2.0)
    netrc (0.11.0)
    nokogiri (1.8.0)
      mini_portile2 (~> 2.2.0)
    rest-client (2.0.2)
      http-cookie (>= 1.0.2, < 2.0)
      mime-types (>= 1.16, < 4.0)
      netrc (~> 0.8)
    rfuse (1.1.2)
    unf (0.1.4)
      unf_ext
    unf_ext (0.0.7.4)

PLATFORMS
  ruby

DEPENDENCIES
  byebug
  fafuse!

BUNDLED WITH
   1.13.6
